GEM
  remote: https://rubygems.org/
  specs:
    gosu (0.10.8)
    minitest (5.9.1)

PLATFORMS
  ruby

DEPENDENCIES
  gosu (>= 0.10.0)
  minitest (>= 5.9.1)

BUNDLED WITH
   1.13.1
